GEM
  remote: https://rubygems.org/
  specs:
    aws-eventstream (1.3.0)
    aws-partitions (1.964.0)
    aws-sdk-core (3.201.5)
      aws-eventstream (~> 1, >= 1.3.0)
      aws-partitions (~> 1, >= 1.651.0)
      aws-sigv4 (~> 1.9)
      jmespath (~> 1, >= 1.6.1)
    aws-sdk-kms (1.88.0)
      aws-sdk-core (~> 3, >= 3.201.0)
      aws-sigv4 (~> 1.5)
    aws-sdk-s3 (1.158.0)
      aws-sdk-core (~> 3, >= 3.201.0)
      aws-sdk-kms (~> 1)
      aws-sigv4 (~> 1.5)
    aws-sigv4 (1.9.1)
      aws-eventstream (~> 1, >= 1.0.2)
    date (3.3.4)
    jmespath (1.6.2)
    json (2.7.2)
    net-http (0.4.1)
      uri
    open-uri (0.4.1)
      stringio
      time
      uri
    open3 (0.2.1)
    stringio (3.1.1)
    time (0.3.0)
      date
    uri (0.13.0)

PLATFORMS
  x86_64-darwin-21

DEPENDENCIES
  aws-sdk-s3
  json
  net-http
  open-uri
  open3

BUNDLED WITH
   2.4.13
